GEM
  specs:
    coderay (1.1.3)
    json (2.3.0)
    method_source (1.0.0)
    pry (0.14.1)
      coderay (~> 1.1)
      method_source (~> 1.0)

PLATFORMS
  x86_64-linux

DEPENDENCIES
  json
  pry

BUNDLED WITH
   2.3.15
